PATH
  remote: .
  specs:
    reasonable_log4r (0.9.0)
      log4r (= 1.1.10)

GEM
  remote: http://rubygems.org/
  specs:
    log4r (1.1.10)

PLATFORMS
  ruby

DEPENDENCIES
  log4r (= 1.1.10)
  reasonable_log4r!
